GEM
  remote: http://rubygems.org/
  specs:
    iconv (1.0.3)
    term-ansicolor (1.2.2)
      tins (~> 0.8)
    tins (0.11.0)

PLATFORMS
  ruby

DEPENDENCIES
  iconv (~> 1.0.3)
  term-ansicolor (~> 1.2.2)
